ObjectType = Image
NDims = 3
BinaryData = True
BinaryDataByteOrderMSB = False
CompressedData = False
TransformMatrix = 1 0 0 0 1 0 0 0 1
Offset = -68 -65 0
CenterOfRotation = 0 0 0
ElementSpacing = 1 1 1
DimSize = 137 131 120
AnatomicalOrientation = ???
ElementType = MET_UCHAR
ElementDataFile = 63756622_005.raw
